PATH
  remote: .
  specs:
    lizarb (1.0.5)

GEM
  remote: https://rubygems.org/
  specs:
    agoo (2.15.13)
    array_include_methods (1.5.1)
    async (2.21.1)
      console (~> 1.29)
      fiber-annotation
      io-event (~> 1.6, >= 1.6.5)
    async-container (0.18.3)
      async (~> 2.10)
    async-http (0.86.0)
      async (>= 2.10.2)
      async-pool (~> 0.9)
      io-endpoint (~> 0.14)
      io-stream (~> 0.6)
      metrics (~> 0.12)
      protocol-http (~> 0.43)
      protocol-http1 (>= 0.28.1)
      protocol-http2 (~> 0.22)
      traces (~> 0.10)
    async-http-cache (0.4.4)
      async-http (~> 0.56)
    async-pool (0.10.2)
      async (>= 1.25)
      traces
    async-service (0.12.0)
      async
      async-container (~> 0.16)
    awesome_print (1.9.2)
    bigdecimal (3.1.9)
    bigdecimal (3.1.9-java)
    bson (5.0.2)
    bson (5.0.2-java)
    chunky_png (1.4.0)
    coderay (1.1.3)
    coffee-script (2.4.1)
      coffee-script-source
      execjs
    coffee-script-source (1.12.2)
    color (1.8)
    commonmarker (0.23.11)
    connection_pool (2.5.0)
    console (1.29.2)
      fiber-annotation
      fiber-local (~> 1.1)
      json
    diff-lcs (1.5.1)
    equalizer (0.0.11)
    execjs (2.10.0)
    facets (3.1.0)
    falcon (0.48.4)
      async
      async-container (~> 0.18)
      async-http (~> 0.75)
      async-http-cache (~> 0.4)
      async-service (~> 0.10)
      bundler
      localhost (~> 1.1)
      openssl (~> 3.0)
      process-metrics (~> 0.2)
      protocol-http (~> 0.31)
      protocol-rack (~> 0.7)
      samovar (~> 2.3)
    ffi (1.17.1-aarch64-linux-gnu)
    ffi (1.17.1-arm-linux-gnu)
    ffi (1.17.1-arm64-darwin)
    ffi (1.17.1-java)
    ffi (1.17.1-x86-linux-gnu)
    ffi (1.17.1-x86_64-darwin)
    ffi (1.17.1-x86_64-linux-gnu)
    fiber-annotation (0.2.0)
    fiber-local (1.1.0)
      fiber-storage
    fiber-storage (1.0.0)
    glimmer (2.8.0)
      array_include_methods (>= 1.4.0, < 1.6.0)
      facets (>= 3.1.0, < 4.0.0)
    glimmer-dsl-libui (0.12.7)
      chunky_png (~> 1.4.0)
      color (~> 1.8)
      equalizer (= 0.0.11)
      glimmer (~> 2.8.0)
      libui (= 0.1.2)
      os (>= 1.0.0, < 2.0.0)
      perfect-shape (~> 1.0.8)
      puts_debuggerer (>= 1.0.1, < 2.0.0)
      rake (>= 10.1.0, < 14.0.0)
      rake-tui (>= 0.2.3, < 2.0.0)
      rouge (>= 3.26.0, < 4.0.0)
      super_module (~> 1.4.1)
      text-table (>= 1.2.4, < 2.0.0)
    haml (6.3.0)
      temple (>= 0.8.2)
      thor
      tilt
    htmlbeautifier (1.4.3)
    io-endpoint (0.14.0)
    io-event (1.7.5)
    io-stream (0.6.1)
    iodine (0.7.58)
    jruby-openssl (0.15.3-java)
    json (2.9.1)
    json (2.9.1-java)
    libui (0.1.2)
    libui (0.1.2-arm64-darwin)
    libui (0.1.2-x86_64-darwin)
    localhost (1.3.1)
    mapping (1.1.1)
    matrix (0.4.2)
    method_source (1.1.0)
    metrics (0.12.1)
    mongo (2.21.0)
      bson (>= 4.14.1, < 6.0.0)
    mysql2 (0.5.6)
    nio4r (2.7.4)
    nio4r (2.7.4-java)
    nori (2.7.1)
      bigdecimal
    openssl (3.3.0)
    openssl (3.3.0-java)
      jruby-openssl (~> 0.14)
    os (1.1.4)
    pastel (0.8.0)
      tty-color (~> 0.5)
    perfect-shape (1.0.8)
      equalizer (>= 0.0.11, < 1.1.0)
      matrix (>= 0.4.2, < 1.1.0)
    pg (1.5.9)
    process-metrics (0.3.0)
      console (~> 1.8)
      json (~> 2)
      samovar (~> 2.1)
    protocol-hpack (1.5.1)
    protocol-http (0.47.1)
    protocol-http1 (0.28.1)
      protocol-http (~> 0.22)
    protocol-http2 (0.22.0)
      protocol-hpack (~> 1.4)
      protocol-http (~> 0.18)
    protocol-rack (0.11.1)
      protocol-http (~> 0.43)
      rack (>= 1.0)
    pry (0.14.2)
      coderay (~> 1.1)
      method_source (~> 1.0)
    pry (0.14.2-java)
      coderay (~> 1.1)
      method_source (~> 1.0)
      spoon (~> 0.0)
    puma (6.5.0)
      nio4r (~> 2.0)
    puma (6.5.0-java)
      nio4r (~> 2.0)
    puts_debuggerer (1.0.1)
      awesome_print (~> 1.9.2)
    rack (3.1.8)
    rake (13.2.1)
    rake-tui (0.2.3)
      tty-prompt
    redis (5.3.0)
      redis-client (>= 0.22.0)
    redis-client (0.23.2)
      connection_pool
    rexml (3.4.0)
    rouge (3.30.0)
    samovar (2.3.0)
      console (~> 1.0)
      mapping (~> 1.0)
    sassc (2.4.0)
      ffi (~> 1.9)
    spoon (0.0.6)
      ffi
    sqlite3 (1.7.3-aarch64-linux)
    sqlite3 (1.7.3-arm-linux)
    sqlite3 (1.7.3-arm64-darwin)
    sqlite3 (1.7.3-x86-linux)
    sqlite3 (1.7.3-x86_64-darwin)
    sqlite3 (1.7.3-x86_64-linux)
    super_module (1.4.2)
      method_source (>= 0.8.2, < 2.0.0)
    temple (0.10.3)
    text-table (1.2.4)
    thor (1.3.2)
    tilt (2.6.0)
    traces (0.14.1)
    tty-color (0.6.0)
    tty-cursor (0.7.1)
    tty-prompt (0.23.1)
      pastel (~> 0.8)
      tty-reader (~> 0.8)
    tty-reader (0.9.0)
      tty-cursor (~> 0.7)
      tty-screen (~> 0.8)
      wisper (~> 2.0)
    tty-screen (0.8.2)
    wisper (2.0.1)
    zeitwerk (2.6.18)

PLATFORMS
  aarch64-linux
  arm-linux
  arm64-darwin
  universal-java-17
  universal-java-21
  x86-linux
  x86_64-darwin
  x86_64-linux

DEPENDENCIES
  agoo (~> 2.15)
  coffee-script (~> 2.4)
  commonmarker (~> 0.23)
  diff-lcs (>= 1.5.1)
  falcon (~> 0.47)
  glimmer-dsl-libui (~> 0.11)
  haml (~> 6.1)
  htmlbeautifier (~> 1.4)
  iodine (~> 0.7)
  lizarb!
  mongo (~> 2.19)
  mysql2 (~> 0.5)
  nori (~> 2.6)
  pg (~> 1.5)
  pry (>= 0.14.2)
  puma (~> 6.4)
  rack (~> 3.0)
  rake (~> 13.0)
  redis (~> 5.0)
  rexml (~> 3.2)
  sassc (~> 2.4)
  sqlite3 (~> 1.5)
  tty-prompt (>= 0.23.1)
  zeitwerk (~> 2.6)

BUNDLED WITH
   2.5.4
